GEM
  remote: http://rubygems.org/
  specs:
    rubysdl (2.1.1)

PLATFORMS
  ruby

DEPENDENCIES
  rubysdl
