GEM
  remote: http://rubygems.org/
  specs:
    mvgraph (0.0.1)
    rubysdl (2.1.1)

PLATFORMS
  ruby

DEPENDENCIES
  mvgraph
  rubysdl
